PATH
  remote: .
  specs:
    chankura_client (0.0.1)
      faye-websocket (~> 0.9.2)

GEM
  remote: https://rubygems.org/
  specs:
    codeclimate-test-reporter (1.0.8)
      simplecov (<= 0.13)
    docile (1.1.5)
    eventmachine (1.2.3)
    faye-websocket (0.9.2)
      eventmachine (>= 0.12.0)
      websocket-driver (>= 0.5.1)
    json (2.1.0)
    minitest (5.5.1)
    rake (10.3.1)
    simplecov (0.13.0)
      docile (~> 1.1.0)
      json (>= 1.8, < 3)
      simplecov-html (~> 0.10.0)
    simplecov-html (0.10.1)
    websocket-driver (0.6.5)
      websocket-extensions (>= 0.1.0)
    websocket-extensions (0.1.2)

PLATFORMS
  ruby

DEPENDENCIES
  chankura_client!
  codeclimate-test-reporter (~> 1.0.0)
  minitest (~> 5.5.1)
  rake
  simplecov

BUNDLED WITH
   1.15.0
